GEM
  remote: http://rubygems.org/
  specs:
    backports (3.6.4)
    coderay (1.1.0)
    eventmachine (1.0.6)
    haml (3.1.6)
    json (1.7.3)
    kgio (2.11.3)
    method_source (0.8.2)
    pry (0.10.1)
      coderay (~> 1.1.0)
      method_source (~> 0.8.1)
      slop (~> 3.4)
    rack (1.6.13)
    rack-protection (1.2.0)
      rack
    rack-test (0.6.3)
      rack (>= 1.0)
    raindrops (0.19.1)
    rb-readline (0.5.2)
    sinatra (1.3.2)
      rack (~> 1.3, >= 1.3.6)
      rack-protection (~> 1.2)
      tilt (~> 1.3, >= 1.3.3)
    sinatra-contrib (1.3.2)
      backports (>= 2.0)
      eventmachine
      rack-protection
      rack-test
      sinatra (~> 1.3.0)
      tilt (~> 1.3)
    slop (3.6.0)
    tilt (1.3.3)
    unicorn (5.5.4)
      kgio (~> 2.6)
      raindrops (~> 0.7)
    whois (2.6.3)

PLATFORMS
  ruby

DEPENDENCIES
  haml
  json
  pry
  rb-readline
  sinatra
  sinatra-contrib
  unicorn
  whois
