GEM
  remote: http://rubygems.org/
  specs:
    backports (3.6.4)
    coderay (1.1.2)
    eventmachine (1.0.6)
    haml (3.1.6)
    json (1.7.3)
    kgio (2.7.4)
    method_source (1.0.0)
    pry (0.13.1)
      coderay (~> 1.1)
      method_source (~> 1.0)
    rack (1.4.1)
    rack-protection (1.2.0)
      rack
    rack-test (0.6.3)
      rack (>= 1.0)
    raindrops (0.10.0)
    rb-readline (0.5.2)
    sinatra (1.3.2)
      rack (~> 1.3, >= 1.3.6)
      rack-protection (~> 1.2)
      tilt (~> 1.3, >= 1.3.3)
    sinatra-contrib (1.3.2)
      backports (>= 2.0)
      eventmachine
      rack-protection
      rack-test
      sinatra (~> 1.3.0)
      tilt (~> 1.3)
    tilt (1.3.3)
    unicorn (4.3.1)
      kgio (~> 2.6)
      rack
      raindrops (~> 0.7)
    whois (2.6.3)

PLATFORMS
  ruby

DEPENDENCIES
  haml
  json
  pry
  rb-readline
  sinatra
  sinatra-contrib
  unicorn
  whois
